{
	"Manufacturer": "Philips",
	"ManufacturersModelName": "Achieva",
	"ProcedureStepDescription": "Protocolo_Epilepsia",
	"ScanningSequence": "GR",
	"SequenceVariant": "MP",
	"SeriesDescription": "T1_3d",
	"BodyPartExamined": "BRAIN",
	"ProtocolName": "T1_3d_SENSE",
	"ImageType": ["ORIGINAL", "PRIMARY", "M", "FFE", "M", "FFE"],
	"MagneticFieldStrength": 3,
	"FlipAngle": 8,
	"EchoTime": 0.003709,
	"RepetitionTime": 0.0081133
}
